GEM
  remote: https://rubygems.org/
  specs:
    rack (2.1.4)
    rack-test (1.1.0)
      rack (>= 1.0, < 3)

PLATFORMS
  ruby
  x86_64-darwin-19

DEPENDENCIES
  rack
  rack-test

BUNDLED WITH
   2.2.2
